GEM
  remote: http://rubygems.org/
  specs:
    columnize (0.3.4)
    daemons (1.1.4)
    diff-lcs (1.1.3)
    eventmachine (0.12.10)
    json (1.5.4)
    linecache (0.46)
      rbx-require-relative (> 0.0.4)
    plist (3.1.0)
    rack (1.3.2)
    rack-test (0.5.7)
      rack (>= 1.0)
    rbx-require-relative (0.0.5)
    rspec (2.6.0)
      rspec-core (~> 2.6.0)
      rspec-expectations (~> 2.6.0)
      rspec-mocks (~> 2.6.0)
    rspec-core (2.6.4)
    rspec-expectations (2.6.0)
      diff-lcs (~> 1.1.2)
    rspec-mocks (2.6.0)
    ruby-debug (0.10.4)
      columnize (>= 0.1)
      ruby-debug-base (~> 0.10.4.0)
    ruby-debug-base (0.10.4)
      linecache (>= 0.3)
    sinatra (1.2.6)
      rack (~> 1.1)
      tilt (>= 1.2.2, < 2.0)
    thin (1.2.11)
      daemons (>= 1.0.9)
      eventmachine (>= 0.12.6)
      rack (>= 1.0.0)
    tilt (1.3.3)
    to_xml (0.1.1)

PLATFORMS
  ruby

DEPENDENCIES
  json
  plist
  rack-test (~> 0.5.3)
  rspec
  ruby-debug
  sinatra (~> 1.0)
  thin
  to_xml
