GEM
  remote: http://rubygems.org/
  specs:
    coderay (1.0.9)
    columnize (0.3.6)
    daemons (1.1.9)
    diff-lcs (1.2.3)
    eventmachine (1.0.3)
    json (1.7.7)
    linecache (0.46)
      rbx-require-relative (> 0.0.4)
    method_source (0.8.1)
    plist (3.1.0)
    pry (0.9.12)
      coderay (~> 1.0.5)
      method_source (~> 0.8)
      slop (~> 3.4)
    rack (1.6.13)
    rack-protection (1.5.5)
      rack
    rack-test (0.5.7)
      rack (>= 1.0)
    rbx-require-relative (0.0.9)
    rspec (2.13.0)
      rspec-core (~> 2.13.0)
      rspec-expectations (~> 2.13.0)
      rspec-mocks (~> 2.13.0)
    rspec-core (2.13.1)
    rspec-expectations (2.13.0)
      diff-lcs (>= 1.1.3, < 2.0)
    rspec-mocks (2.13.1)
    ruby-debug (0.10.4)
      columnize (>= 0.1)
      ruby-debug-base (~> 0.10.4.0)
    ruby-debug-base (0.10.4)
      linecache (>= 0.3)
    sinatra (1.4.2)
      rack (~> 1.5, >= 1.5.2)
      rack-protection (~> 1.4)
      tilt (~> 1.3, >= 1.3.4)
    slop (3.4.4)
    thin (1.5.1)
      daemons (>= 1.0.9)
      eventmachine (>= 0.12.6)
      rack (>= 1.0.0)
    tilt (1.3.7)
    to_xml (0.1.1)

PLATFORMS
  ruby

DEPENDENCIES
  json
  plist
  pry
  rack-test (~> 0.5.3)
  rspec
  ruby-debug
  sinatra (~> 1.0)
  thin
  to_xml
